GIT
  remote: git://github.com/nevir/sprintly-rb.git
  revision: 7b906133ae66bb2fe23c14a36d54c6d067ed93ca
  specs:
    sprintly (0.0.1)
      faraday (~> 0.8)
      faraday_middleware (~> 0.9)

GEM
  remote: https://rubygems.org/
  specs:
    coderay (1.0.9)
    faraday (0.8.7)
      multipart-post (~> 1.1)
    faraday_middleware (0.9.0)
      faraday (>= 0.7.4, < 0.9)
    method_source (0.8.1)
    multipart-post (1.2.0)
    pry (0.9.12.2)
      coderay (~> 1.0.5)
      method_source (~> 0.8)
      slop (~> 3.4)
    require_all (1.2.1)
    slop (3.4.5)
    thor (0.18.1)

PLATFORMS
  ruby

DEPENDENCIES
  pry
  require_all (~> 1.2.1)
  sprintly!
  thor (~> 0.18.1)
